GEM
  remote: http://flo-gem-repo.nm.flipkart.com/
  specs:
    actionpack (3.1.3)
      activemodel (= 3.1.3)
      activesupport (= 3.1.3)
      builder (~> 3.0.0)
      erubis (~> 2.7.0)
      i18n (~> 0.6)
      rack (~> 1.3.5)
      rack-cache (~> 1.1)
      rack-mount (~> 0.8.2)
      rack-test (~> 0.6.1)
      sprockets (~> 2.0.3)
    activemodel (3.1.3)
      activesupport (= 3.1.3)
      builder (~> 3.0.0)
      i18n (~> 0.6)
    activerecord (3.1.3.patched)
      activemodel (= 3.1.3)
      activesupport (= 3.1.3)
      arel (~> 2.2.1)
      tzinfo (~> 0.3.29)
    activerecord_use_slave (0.0.5)
      activerecord
    activesupport (3.1.3)
      multi_json (~> 1.0)
    arel (2.2.3)
    builder (3.0.4)
    connection_pool (1.0.0)
    couchbase (1.3.3)
      connection_pool (~> 1.0.0)
      multi_json (~> 1.0)
      yaji (~> 0.3.2)
    daemons (1.1.9)
    dalli (2.1.0)
    diff-lcs (1.2.5)
    erubis (2.7.0)
    eventmachine (1.0.3)
    grit (2.4.1)
      diff-lcs (~> 1.1)
      mime-types (~> 1.15)
    hike (1.2.3)
    http_router (0.10.2)
      rack (>= 1.0.0)
      url_mount (~> 0.2.1)
    i18n (0.6.9)
    json (1.8.1)
    mail (2.3.3)
      i18n (>= 0.4.0)
      mime-types (~> 1.16)
      treetop (~> 1.4.8)
    mime-types (1.25.1)
    multi_json (1.10.1)
    multitenancy (0.0.5)
    mysql (2.8.1)
    mysql2 (0.3.16)
    padrino (0.10.5.patched)
      padrino-admin (= 0.10.5.patched)
      padrino-cache (= 0.10.5.patched)
      padrino-core (= 0.10.5.patched)
      padrino-gen (= 0.10.5.patched)
      padrino-helpers (= 0.10.5.patched)
      padrino-mailer (= 0.10.5.patched)
    padrino-admin (0.10.5.patched)
      padrino-core (= 0.10.5.patched)
      padrino-helpers (= 0.10.5.patched)
    padrino-cache (0.10.5.patched)
      padrino-core (= 0.10.5.patched)
    padrino-core (0.10.5.patched)
      activesupport (~> 3.1.0)
      http_router (~> 0.10.2)
      sinatra (~> 1.3.1)
      thor (~> 0.14.3)
      tilt (~> 1.3.0)
    padrino-gen (0.10.5.patched)
      bundler (~> 1.0)
      grit (~> 2.4.1)
      padrino-core (= 0.10.5.patched)
    padrino-helpers (0.10.5.patched)
      i18n (~> 0.6)
      padrino-core (= 0.10.5.patched)
    padrino-mailer (0.10.5.patched)
      mail (~> 2.3.0)
      padrino-core (= 0.10.5.patched)
    polyglot (0.3.5)
    rack (1.3.6)
    rack-cache (1.2)
      rack (>= 0.4)
    rack-metrics (1.0.1)
      multi_json
      padrino-core (>= 0.10.5.patched)
      sc-metrics (~> 1.0)
    rack-mount (0.8.3)
      rack (>= 1.0.0)
    rack-protection (1.5.3)
      rack
    rack-test (0.6.2)
      rack (>= 1.0)
    rake (10.3.2)
    rest-client (1.6.7)
      mime-types (>= 1.16)
    rubycas-client (2.3.9.7.patched)
      activesupport
    sc-auth (1.1.4)
      actionpack (~> 3.1.0)
      rubycas-client (>= 2.3.9.4.patched)
      sc-core (~> 1.0)
      sc-user-data (~> 1.0)
      uuidtools (~> 2.1.3)
    sc-cache (1.0.1)
      couchbase (= 1.3.3)
      dalli (~> 2.1.0)
    sc-core (1.1.3)
      sc-metrics (~> 1.0)
      sc-mq (>= 0.0.78)
    sc-metrics (1.0.4)
      activesupport (~> 3.1.0)
    sc-mq (1.0.8)
      dalli (~> 2.1.0)
      multitenancy (~> 0.0.4)
      sc-cache (~> 1.0)
      threadpool
      tracer-client (>= 0.0.5)
      uuidtools
    sc-rest-client (1.1.0)
      rest-client (~> 1.6.7)
      sc-auth (~> 1.0)
      sc-core (~> 1.0)
      sc-user-data (~> 1.0)
      uuidtools (~> 2.1.3)
    sc-user-data (1.0.0)
    sinatra (1.3.3)
      rack (~> 1.3, >= 1.3.6)
      rack-protection (~> 1.2)
      tilt (~> 1.3, >= 1.3.3)
    sinatra-flash (0.3.0)
      sinatra (>= 1.0.0)
    sprockets (2.0.4)
      hike (~> 1.2)
      rack (~> 1.0)
      tilt (~> 1.1, != 1.3.0)
    state_machine (1.2.0)
    thin (1.6.2)
      daemons (>= 1.0.9)
      eventmachine (>= 1.0.0)
      rack (>= 1.0.0)
    thor (0.14.6)
    threadpool (0.1.2)
    tilt (1.3.7)
    timeliness (0.3.7)
    tracer-client (0.0.7)
      json (>= 1.7.3)
      rest-client (>= 1.6.7)
      uuidtools (>= 2.1.3)
    treetop (1.4.15)
      polyglot
      polyglot (>= 0.3.1)
    tzinfo (0.3.39)
    url_mount (0.2.1)
      rack
    uuidtools (2.1.4)
    validates_timeliness (3.0.8)
      timeliness (~> 0.3.4)
    yaji (0.3.3)
    yajl-ruby (1.1.0)

PLATFORMS
  ruby

DEPENDENCIES
  actionpack
  activerecord (= 3.1.3.patched)
  activerecord_use_slave (= 0.0.5)
  mysql
  mysql2
  padrino (= 0.10.5.patched)
  rack (= 1.3.6)
  rack-metrics (= 1.0.1)
  rake
  rest-client
  sc-core (= 1.1.3)
  sc-metrics (= 1.0.4)
  sc-rest-client (= 1.1.0)
  sinatra-flash
  state_machine
  thin
  validates_timeliness
  yajl-ruby (= 1.1.0)
